GEM
  remote: https://rubygems.org/
  specs:

PLATFORMS
  x86_64-linux

DEPENDENCIES
  wdm (~> 0.1.1)

BUNDLED WITH
   2.4.20
